PATH
  remote: .
  specs:
    grawlix (0.1.0)
      ttfunk (~> 1.5)

GEM
  remote: https://rubygems.org/
  specs:
    minitest (5.10.1)
    rake (10.4.2)
    ttfunk (1.5.1)

PLATFORMS
  ruby

DEPENDENCIES
  bundler (~> 1.16)
  grawlix!
  minitest (~> 5.0)
  rake (~> 10.0)

BUNDLED WITH
   1.16.1
